PATH
  remote: .
  specs:
    omniauth-dealerpulse (0.1.0)
      omniauth (>= 1.9, < 3)
      omniauth-oauth2 (~> 1.0)

GEM
  remote: https://rubygems.org/
  specs:
    ast (2.4.0)
    faraday (2.5.2)
      faraday-net_http (>= 2.0, < 3.1)
      ruby2_keywords (>= 0.0.4)
    faraday-net_http (3.0.0)
    hashie (5.0.0)
    jaro_winkler (1.5.2)
    jwt (2.5.0)
    multi_xml (0.6.0)
    oauth2 (2.0.7)
      faraday (>= 0.17.3, < 3.0)
      jwt (>= 1.0, < 3.0)
      multi_xml (~> 0.5)
      rack (>= 1.2, < 3)
      rash_alt (>= 0.4, < 1)
      version_gem (~> 1.1)
    omniauth (2.1.0)
      hashie (>= 3.4.6)
      rack (>= 2.2.3)
      rack-protection
    omniauth-oauth2 (1.8.0)
      oauth2 (>= 1.4, < 3)
      omniauth (~> 2.0)
    parallel (1.14.0)
    parser (2.6.0.0)
      ast (~> 2.4.0)
    psych (3.1.0)
    rack (2.2.4)
    rack-protection (2.2.2)
      rack
    rainbow (3.0.0)
    rake (13.0.6)
    rash_alt (0.4.12)
      hashie (>= 3.4)
    rubocop (0.66.0)
      jaro_winkler (~> 1.5.1)
      parallel (~> 1.10)
      parser (>= 2.5, != 2.5.1.1)
      psych (>= 3.1.0)
      rainbow (>= 2.2.2, < 4.0)
      ruby-progressbar (~> 1.7)
      unicode-display_width (>= 1.4.0, < 1.6)
    ruby-progressbar (1.10.0)
    ruby2_keywords (0.0.5)
    unicode-display_width (1.5.0)
    version_gem (1.1.0)

PLATFORMS
  ruby

DEPENDENCIES
  bundler (~> 2.0)
  omniauth-dealerpulse!
  rake (~> 13.0)
  rubocop

BUNDLED WITH
   2.0.1
